NUGET
  remote: https://www.nuget.org/api/v2
    Microsoft.NETCore.Platforms (1.1) - restriction: || (== netstandard1.0) (== netstandard1.2) (== netstandard1.3) (>= netstandard1.5)
    Microsoft.NETCore.Targets (1.1) - restriction: || (== netstandard1.0) (== netstandard1.2) (== netstandard1.3) (>= netstandard1.5)
    MSFT.ParallelExtensionsExtras (1.2)
    System.Reactive (3.1.1)
      System.Reactive.PlatformServices (>= 3.1.1)
      System.Reactive.Windows.Threading (>= 3.1.1) - restriction: || (== win81) (== wpa81) (>= net45)
      System.Reactive.WindowsRuntime (>= 3.1.1) - restriction: || (== win81) (== wpa81)
    System.Reactive.Core (3.1.1) - restriction: || (== win81) (>= netstandard1.0)
      System.Reactive.Interfaces (>= 3.1.1) - restriction: >= netstandard1.0
    System.Reactive.Interfaces (3.1.1) - restriction: >= netstandard1.0
    System.Reactive.Linq (3.1.1)
      System.Reactive.Core (>= 3.1.1) - restriction: >= netstandard1.0
      System.Runtime.InteropServices.WindowsRuntime (>= 4.0.1) - restriction: >= netstandard1.0
    System.Reactive.PlatformServices (3.1.1)
      System.Reactive.Linq (>= 3.1.1)
    System.Reactive.Windows.Threading (3.1.1) - restriction: || (== win81) (== wpa81) (>= net45)
      System.Reactive.Core (>= 3.1.1)
    System.Reactive.WindowsRuntime (3.1.1) - restriction: || (== win81) (== wpa81)
      System.Reactive.Linq (>= 3.1.1)
    System.Runtime (4.3) - restriction: >= netstandard1.0
      Microsoft.NETCore.Platforms (>= 1.1) - restriction: || (== dnxcore50) (== netstandard1.0) (== netstandard1.2) (== netstandard1.3) (>= netstandard1.5)
      Microsoft.NETCore.Targets (>= 1.1) - restriction: || (== dnxcore50) (== netstandard1.0) (== netstandard1.2) (== netstandard1.3) (>= netstandard1.5)
    System.Runtime.InteropServices.WindowsRuntime (4.3) - restriction: >= netstandard1.0
      System.Runtime (>= 4.3) - restriction: || (== dnxcore50) (>= netstandard1.0)

GROUP Test
NUGET
  remote: https://www.nuget.org/api/v2
    FsCheck (2.3)
      FSharp.Core (>= 3.1.2.5)
    FsCheck.Nunit (2.3)
      FsCheck (>= 2.3)
      NUnit (>= 2.6.4 < 2.7)
      NUnit.Runners (>= 2.6.4 < 2.7)
    FSharp.Core (4.0.0.1)
    FsUnit (1.4.1)
      FSharp.Core (>= 3.1.2.5)
      NUnit (2.6.4)
    Newtonsoft.Json (8.0.3)
    NUnit (2.6.4)
    NUnit.Runners (2.6.4)
